GEM
  remote: https://rubygems.org/
  specs:
    cpf_cnpj (0.5.0)
    os (1.0.0)

PLATFORMS
  ruby

DEPENDENCIES
  cpf_cnpj
  os

BUNDLED WITH
   1.16.5
